PATH
  remote: .
  specs:
    trema (0.3.19)
      bundler
      gli (~> 2.5.5)
      paper-house (~> 0.1.13)
      rake (~> 10.0.3)
      rdoc (~> 4.0.0)

GEM
  remote: https://rubygems.org/
  specs:
    Platform (0.4.0)
    archive-tar-minitar (0.5.2)
    aruba (0.5.3)
      childprocess (>= 0.3.6)
      cucumber (>= 1.1.1)
      rspec-expectations (>= 2.7.0)
    builder (3.2.2)
    childprocess (0.3.9)
      ffi (~> 1.0, >= 1.0.11)
    cucumber (1.2.5)
      builder (>= 2.1.2)
      diff-lcs (>= 1.1.3)
      gherkin (~> 2.11.7)
      multi_json (~> 1.3)
    diff-lcs (1.2.4)
    ffi (1.8.1)
    flay (2.1.0)
      ruby_parser (~> 3.0)
      sexp_processor (~> 4.0)
    flog (3.2.3)
      ruby_parser (~> 3.1, > 3.1.0)
      sexp_processor (~> 4.0)
    gherkin (2.11.8)
      multi_json (~> 1.3)
    gli (2.5.6)
    json (1.8.0)
    mime-types (1.23)
    multi_json (1.7.6)
    open4 (1.3.0)
    paper-house (0.1.13)
      popen4 (~> 0.1.2)
      rake (~> 10.0.3)
    popen4 (0.1.2)
      Platform (>= 0.4.0)
      open4 (>= 0.4.0)
    rake (10.0.4)
    rcov (1.0.0)
    rdoc (4.0.1)
      json (~> 1.4)
    redcarpet (2.2.2)
    reek (1.3.1)
      ruby2ruby (~> 2.0.2)
      ruby_parser (~> 3.1.1)
      sexp_processor
    relish (0.6)
      archive-tar-minitar (>= 0.5.2)
      json (>= 1.4.6)
      rest-client (>= 1.6.1)
    rest-client (1.6.7)
      mime-types (>= 1.16)
    rspec (2.13.0)
      rspec-core (~> 2.13.0)
      rspec-expectations (~> 2.13.0)
      rspec-mocks (~> 2.13.0)
    rspec-core (2.13.1)
    rspec-expectations (2.13.0)
      diff-lcs (>= 1.1.3, < 2.0)
    rspec-mocks (2.13.1)
    ruby2ruby (2.0.5)
      ruby_parser (~> 3.1)
      sexp_processor (~> 4.0)
    ruby_parser (3.1.3)
      sexp_processor (~> 4.1)
    sexp_processor (4.2.1)
    yard (0.8.5.2)

PLATFORMS
  ruby

DEPENDENCIES
  aruba (~> 0.5.1)
  cucumber (~> 1.2.3)
  flay (~> 2.1.0)
  flog (~> 3.2.2)
  rcov (~> 1.0.0)
  redcarpet (~> 2.2.2)
  reek (~> 1.3.1)
  relish (~> 0.6)
  rspec (~> 2.13.0)
  trema!
  yard (~> 0.8.5.2)
